PATH
  remote: .
  specs:
    i18n-translate-light (0.0.1)

GEM
  remote: https://rubygems.org/
  specs:
    jasmine (2.0.0)
      jasmine-core (~> 2.0.0)
      phantomjs
      rack (>= 1.2.1)
      rake
    jasmine-core (2.0.0)
    phantomjs (1.9.2.1)
    rack (1.5.2)
    rake (10.1.1)

PLATFORMS
  ruby

DEPENDENCIES
  bundler (~> 1.5)
  i18n-translate-light!
  jasmine
  rake
